GEM
  remote: https://rubygems.org/
  specs:
    webrick (1.8.1)

PLATFORMS
  arm64-darwin-22
  ruby

DEPENDENCIES
  webrick (~> 1.8, >= 1.8.1)

RUBY VERSION
   ruby 3.3.0p0

BUNDLED WITH
   2.5.6
